PATH
  remote: .
  specs:
    dstk (0.51.0)
      httmultiparty
      httparty
      json

GEM
  remote: http://rubygems.org/
  specs:
    httmultiparty (0.3.10)
      httparty (>= 0.7.3)
      multipart-post
    httparty (0.12.0)
      json (~> 1.8)
      multi_xml (>= 0.5.2)
    json (1.8.1)
    multi_xml (0.5.5)
    multipart-post (1.2.0)

PLATFORMS
  ruby

DEPENDENCIES
  dstk!
